{
	"TaskName": "imagery",
	"Manufacturer": "Brain Products",
	"PowerLineFrequency": 60.0,
	"SamplingFrequency": 1000.0,
	"SoftwareFilters": "n/a",
	"RecordingDuration": 4035.999,
	"RecordingType": "continuous",
	"EEGReference": "FCz",
	"EEGGround": "Fpz",
	"EEGPlacementScheme": "10-05 system",
	"EEGChannelCount": 71,
	"EOGChannelCount": 0,
	"ECGChannelCount": 0,
	"EMGChannelCount": 0,
	"TriggerChannelCount": 0,
	"ManufacturersModelName": "BrainAmp (BrainProducts GmbH)",
	"SoftwareVersions": "n/a",
	"HardwareFilters": {
		"HardwareFilter": {
			"highpass": 0.016,
			"lowpass": 1000
		}
	},
	"TaskDescription": "11 intuitive upper-limb movement tasks: 6 reaching + 3 grasping + 2 wrist twisting. MI and real movement conditions, 3 sessions. Trial duration: 4.0s, imagery: 4.0s.",
	"Instructions": "n/a",
	"CogAtlasID": "https://www.cognitiveatlas.org/task/id/trm_4c8a834779883/",
	"InstitutionName": "Korea University",
	"InstitutionAddress": "KR",
	"InstitutionalDepartmentName": "n/a",
	"CapManufacturer": "n/a",
	"CapManufacturersModelName": "n/a",
	"SubjectArtefactDescription": "n/a",
	"DeviceSerialNumber": "n/a",
	"Description": "EEG recording.",
	"MISCChannelCount": 0
}